GIT
  remote: git://github.com/karolsarnacki/ruby-proxifier.git
  revision: 5d91c25aedf85aac4a3e383e67f152416d79a597
  branch: master
  specs:
    proxifier (1.0.4)

GEM
  remote: https://rubygems.org/
  specs:
    coderay (1.1.1)
    daemon-spawn (0.4.2)
    dnsruby (1.59.3)
    email_verifier (0.1.0)
      dnsruby (>= 1.5)
    method_source (0.8.2)
    pg (0.21.0)
    pry (0.10.4)
      coderay (~> 1.1.0)
      method_source (~> 0.8.1)
      slop (~> 3.4)
    redis (3.3.1)
    redis-namespace (1.5.2)
      redis (~> 3.0, >= 3.0.4)
    ruby-progressbar (1.8.1)
    slop (3.6.0)

PLATFORMS
  ruby

DEPENDENCIES
  daemon-spawn
  email_verifier
  pg
  proxifier!
  pry
  redis
  redis-namespace
  ruby-progressbar

BUNDLED WITH
   1.15.4
